GEM
  remote: https://rubygems.org/
  specs:
    kramdown (1.2.0)
    logutils (0.6.0)
    markdown (1.1.1)
      kramdown (>= 1.0.2)
      props (>= 1.0.0)
      textutils (>= 0.6.4)
    props (1.0.3)
    rack (1.5.2)
    rack-protection (1.5.1)
      rack
    sinatra (1.4.4)
      rack (~> 1.4)
      rack-protection (~> 1.4)
      tilt (~> 1.3, >= 1.3.4)
    textutils (0.7.0)
      logutils (~> 0.5)
    tilt (1.4.1)

PLATFORMS
  ruby

DEPENDENCIES
  markdown
  sinatra
